PATH
  remote: .
  specs:
    opal-d3 (0.0.20170822)
      opal (~> 0.11.0)
      opal-activesupport (~> 0.3.1)

GEM
  remote: https://rubygems.org/
  specs:
    ast (2.4.0)
    hike (1.2.3)
    opal (0.11.0)
      ast (>= 2.3.0)
      hike (~> 1.2)
      parser (= 2.3.3.1)
      sourcemap (~> 0.1.0)
    opal-activesupport (0.3.1)
      opal (>= 0.5.0, < 1.0.0)
    opal-rspec (0.6.1)
      opal (>= 0.10.0, < 0.12)
    parser (2.3.3.1)
      ast (~> 2.2)
    rake (12.3.0)
    sourcemap (0.1.1)

PLATFORMS
  ruby

DEPENDENCIES
  opal-d3!
  opal-rspec (>= 0.6.0)
  rake (>= 11.3.0)

BUNDLED WITH
   1.16.1
